GEM
  remote: https://rubygems.org/
  specs:
    cool.io (1.5.0)
    fluent-mixin-config-placeholders (0.4.0)
      fluentd
      uuidtools (>= 2.1.5)
    fluent-plugin-slackrtm (0.2.4)
      fluent-mixin-config-placeholders (>= 0.3.0)
      fluentd (>= 0.10.49, < 2)
      slack-rtmapi (= 1.0.0.rc4)
    fluentd (0.14.17)
      cool.io (>= 1.4.5, < 2.0.0)
      http_parser.rb (>= 0.5.1, < 0.7.0)
      msgpack (>= 0.7.0, < 2.0.0)
      serverengine (>= 2.0.4, < 3.0.0)
      sigdump (~> 0.2.2)
      strptime (~> 0.1.7)
      tzinfo (~> 1.0)
      tzinfo-data (~> 1.0)
      yajl-ruby (~> 1.0)
    http_parser.rb (0.6.0)
    msgpack (1.1.0)
    serverengine (2.0.5)
      sigdump (~> 0.2.2)
    sigdump (0.2.4)
    slack-rtmapi (1.0.0.rc4)
      websocket-driver
    strptime (0.1.9)
    thread_safe (0.3.6)
    tzinfo (1.2.3)
      thread_safe (~> 0.1)
    tzinfo-data (1.2017.2)
      tzinfo (>= 1.0.0)
    uuidtools (2.1.5)
    websocket-driver (0.6.5)
      websocket-extensions (>= 0.1.0)
    websocket-extensions (0.1.2)
    yajl-ruby (1.3.0)

PLATFORMS
  ruby

DEPENDENCIES
  fluent-plugin-slackrtm

BUNDLED WITH
   1.14.6
