PATH
  remote: ../fluent-plugin-slackrtm
  specs:
    fluent-plugin-slackrtm (0.2.4)
      fluent-mixin-config-placeholders (>= 0.3.0)
      fluentd (>= 0.10.58, < 2)
      slack-rtmapi (= 1.0.0.rc4)

GEM
  remote: https://rubygems.org/
  specs:
    cool.io (1.5.0)
    fluent-mixin-config-placeholders (0.4.0)
      fluentd
      uuidtools (>= 2.1.5)
    fluentd (0.12.36)
      cool.io (>= 1.2.2, < 2.0.0)
      http_parser.rb (>= 0.5.1, < 0.7.0)
      json (>= 1.4.3)
      msgpack (>= 0.5.11, < 2)
      sigdump (~> 0.2.2)
      string-scrub (>= 0.0.3, <= 0.0.5)
      tzinfo (>= 1.0.0)
      tzinfo-data (>= 1.0.0)
      yajl-ruby (~> 1.0)
    http_parser.rb (0.6.0)
    json (2.1.0)
    msgpack (1.1.0)
    sigdump (0.2.4)
    slack-rtmapi (1.0.0.rc4)
      websocket-driver
    string-scrub (0.0.5)
    thread_safe (0.3.6)
    tzinfo (1.2.3)
      thread_safe (~> 0.1)
    tzinfo-data (1.2017.2)
      tzinfo (>= 1.0.0)
    uuidtools (2.1.5)
    websocket-driver (0.6.5)
      websocket-extensions (>= 0.1.0)
    websocket-extensions (0.1.2)
    yajl-ruby (1.3.0)

PLATFORMS
  ruby

DEPENDENCIES
  fluent-plugin-slackrtm!
  fluentd (~> 0.12.0)

BUNDLED WITH
   1.14.6
